GIT
  remote: git://github.com/TimPetricola/dropbox-sdk-ruby.git
  revision: 55bcecb4ee3df52b1224d0f93d6e7fa169cc8ac5
  specs:
    dropbox-sdk (1.6.4)
      json

GEM
  remote: https://rubygems.org/
  specs:
    celluloid (0.15.2)
      timers (~> 1.1.0)
    connection_pool (2.0.0)
    json (1.8.1)
    redis (3.1.0)
    redis-namespace (1.5.0)
      redis (~> 3.0, >= 3.0.4)
    sidekiq (3.2.1)
      celluloid (>= 0.15.2)
      connection_pool (>= 2.0.0)
      json
      redis (>= 3.0.6)
      redis-namespace (>= 1.3.1)
    timers (1.1.0)

PLATFORMS
  ruby

DEPENDENCIES
  dropbox-sdk!
  sidekiq (~> 3.2.1)
